GEM
  remote: https://rubygems.org/
  specs:
    ast (2.0.0)
    astrolabe (1.3.0)
      parser (>= 2.2.0.pre.3, < 3.0)
    aws-sdk (1.61.0)
      aws-sdk-v1 (= 1.61.0)
    aws-sdk-v1 (1.61.0)
      json (~> 1.4)
      nokogiri (>= 1.4.4)
    celluloid (0.16.0)
      timers (~> 4.0.0)
    ffi (1.9.6)
    geoip (1.4.0)
    hitimes (1.2.2)
    json (1.8.2)
    listen (2.8.5)
      celluloid (>= 0.15.2)
      rb-fsevent (>= 0.9.3)
      rb-inotify (>= 0.9)
    mini_portile (0.6.2)
    minitest (5.5.1)
    net-scp (1.2.1)
      net-ssh (>= 2.6.5)
    net-ssh (2.9.2)
    nokogiri (1.6.6.2)
      mini_portile (~> 0.6.0)
    parser (2.2.0.2)
      ast (>= 1.1, < 3.0)
    pg (0.18.1)
    pmap (1.0.2)
    powerpack (0.0.9)
    puma (2.11.0)
      rack (>= 1.1, < 2.0)
    rack (1.6.0)
    rack-protection (1.5.3)
      rack
    rainbow (2.0.0)
    rb-fsevent (0.9.4)
    rb-inotify (0.9.5)
      ffi (>= 0.5.0)
    rerun (0.10.0)
      listen (~> 2.7, >= 2.7.3)
    rubocop (0.28.0)
      astrolabe (~> 1.3)
      parser (>= 2.2.0.pre.7, < 3.0)
      powerpack (~> 0.0.6)
      rainbow (>= 1.99.1, < 3.0)
      ruby-progressbar (~> 1.4)
    ruby-progressbar (1.7.1)
    sequel (4.18.0)
    sinatra (1.4.5)
      rack (~> 1.4)
      rack-protection (~> 1.4)
      tilt (~> 1.3, >= 1.3.4)
    tilt (1.4.1)
    timers (4.0.1)
      hitimes

PLATFORMS
  ruby

DEPENDENCIES
  aws-sdk
  geoip
  minitest
  net-scp
  net-ssh
  pg
  pmap
  puma
  rerun
  rubocop
  sequel
  sinatra
